GEM
  remote: http://rubygems.org/
  specs:
    BlueCloth (1.0.1)
    bluecloth (2.0.11)
    bluecloth (2.0.11-x86-mingw32)
    capistrano (2.5.19)
      highline
      net-scp (>= 1.0.0)
      net-sftp (>= 2.0.0)
      net-ssh (>= 2.0.14)
      net-ssh-gateway (>= 1.0.0)
    capistrano-ext (1.2.1)
      capistrano (>= 1.0.0)
    gli (1.2.5)
    highline (1.6.1)
    json (1.5.1)
    json (1.5.1-x86-mingw32)
    net-scp (1.0.4)
      net-ssh (>= 1.99.1)
    net-sftp (2.0.5)
      net-ssh (>= 2.0.9)
    net-ssh (2.1.0)
    net-ssh-gateway (1.0.1)
      net-ssh (>= 1.99.1)
    nokogiri (1.4.4)
    nokogiri (1.4.4-x86-mingw32)
    pdfkit (0.5.0)
    rack (1.2.1)
    rake (0.8.7)
    showoff (0.3.4)
      bluecloth
      gli (>= 1.1.1)
      json
      nokogiri
      sinatra
    sinatra (1.1.2)
      rack (~> 1.1)
      tilt (~> 1.2)
    tilt (1.2.2)

PLATFORMS
  ruby
  x86-mingw32

DEPENDENCIES
  BlueCloth
  capistrano
  capistrano-ext
  gli
  json
  nokogiri
  pdfkit
  rake
  showoff
  sinatra
